PATH
  remote: .
  specs:
    masked_ape_club (0.0.1)
      net-http (~> 0.1.1)
      rmagick (~> 4.2.3)
      uri (~> 0.10.1)

GEM
  remote: https://rubygems.org/
  specs:
    ast (2.4.2)
    io-wait (0.2.1)
    net-http (0.1.1)
      net-protocol
      uri
    net-protocol (0.1.2)
      io-wait
      timeout
    parallel (1.21.0)
    parser (3.0.3.2)
      ast (~> 2.4.1)
    rainbow (3.0.0)
    rake (13.0.6)
    regexp_parser (2.2.0)
    rexml (3.2.5)
    rmagick (4.2.4)
    rubocop (1.24.0)
      parallel (~> 1.10)
      parser (>= 3.0.0.0)
      rainbow (>= 2.2.2, < 4.0)
      regexp_parser (>= 1.8, < 3.0)
      rexml
      rubocop-ast (>= 1.15.0, < 2.0)
      ruby-progressbar (~> 1.7)
      unicode-display_width (>= 1.4.0, < 3.0)
    rubocop-ast (1.15.1)
      parser (>= 3.0.1.1)
    ruby-progressbar (1.11.0)
    timeout (0.2.0)
    unicode-display_width (2.1.0)
    uri (0.10.1)

PLATFORMS
  x86_64-darwin-20

DEPENDENCIES
  masked_ape_club!
  rake (~> 13.0)
  rubocop (~> 1.21)

BUNDLED WITH
   2.2.33
